GEM
  remote: http://rubygems.org/
  specs:
    rake (10.5.0)

PLATFORMS
  ruby

DEPENDENCIES
  rake (~> 10.3)

RUBY VERSION
   ruby 2.7.1p83

BUNDLED WITH
   2.1.4
