GEM
  remote: http://rubygems.org/
  specs:
    rake (12.3.3)

PLATFORMS
  ruby

DEPENDENCIES
  rake (~> 12.3.3)

RUBY VERSION
   ruby 2.7.1p83

BUNDLED WITH
   2.1.4
